GEM
  remote: https://rubygems.org/
  specs:
    dotenv (2.2.1)
    json (2.0.2)
    mustermann (1.0.0)
    puma (3.8.2)
    rack (2.2.2)
    rack-protection (2.0.0)
      rack
    redis (3.3.3)
    sinatra (2.0.0)
      mustermann (~> 1.0)
      rack (~> 2.0)
      rack-protection (= 2.0.0)
      tilt (~> 2.0)
    tilt (2.0.7)

PLATFORMS
  ruby
  x86_64-darwin-16

DEPENDENCIES
  dotenv
  json
  puma
  redis
  sinatra

BUNDLED WITH
   1.14.6
